GIT
  remote: git://github.com/elasticsearch/elasticsearch-ruby.git
  revision: bdf5e145e5acc21726dddcd34492debbbddde568
  specs:
    elasticsearch (1.0.18)
      elasticsearch-api (= 1.0.18)
      elasticsearch-transport (= 1.0.18)
    elasticsearch-api (1.0.18)
      multi_json
    elasticsearch-transport (1.0.18)
      faraday
      multi_json

GEM
  remote: https://rubygems.org/
  specs:
    faraday (0.9.2)
      multipart-post (>= 1.2, < 3)
    json (1.8.3)
    multi_json (1.12.1)
    multipart-post (2.0.0)
    zip (2.0.2)

PLATFORMS
  ruby

DEPENDENCIES
  elasticsearch!
  json (~> 1.8, >= 1.8.3)
  zip (~> 2.0, >= 2.0.2)

RUBY VERSION
   ruby 2.3.1p112

BUNDLED WITH
   1.13.2
